GEM
  remote: https://rubygems.org/
  specs:
    addressable (2.8.1)
      public_suffix (>= 2.0.2, < 6.0)
    byebug (11.1.3)
    diff-lcs (1.4.4)
    git (1.13.0)
      addressable (~> 2.8)
      rchardet (~> 1.8)
    public_suffix (5.0.1)
    rake (13.0.6)
    rchardet (1.8.0)
    require_all (3.0.0)
    rspec (3.10.0)
      rspec-core (~> 3.10.0)
      rspec-expectations (~> 3.10.0)
      rspec-mocks (~> 3.10.0)
    rspec-core (3.10.1)
      rspec-support (~> 3.10.0)
    rspec-expectations (3.10.1)
      diff-lcs (>= 1.2.0, < 2.0)
      rspec-support (~> 3.10.0)
    rspec-mocks (3.10.2)
      diff-lcs (>= 1.2.0, < 2.0)
      rspec-support (~> 3.10.0)
    rspec-support (3.10.2)

PLATFORMS
  x64-mingw32
  x86_64-linux

DEPENDENCIES
  byebug
  git
  rake
  require_all
  rspec

BUNDLED WITH
   2.2.28
